GEM
  remote: http://rubygems.org/
  specs:
    allure-cucumber (2.10.0.beta3)
      allure-ruby-commons (= 2.10.0.beta3)
      cucumber (~> 3.1)
    allure-ruby-commons (2.10.0.beta3)
      json (>= 1.8, < 3)
      require_all (~> 2.0)
      rubyzip (~> 1.2)
      uuid (~> 2.3.9)
    backports (3.15.0)
    builder (3.2.3)
    childprocess (1.0.1)
      rake (< 13.0)
    cucumber (3.1.2)
      builder (>= 2.1.2)
      cucumber-core (~> 3.2.0)
      cucumber-expressions (~> 6.0.1)
      cucumber-wire (~> 0.0.1)
      diff-lcs (~> 1.3)
      gherkin (~> 5.1.0)
      multi_json (>= 1.7.5, < 2.0)
      multi_test (>= 0.1.2)
    cucumber-core (3.2.1)
      backports (>= 3.8.0)
      cucumber-tag_expressions (~> 1.1.0)
      gherkin (~> 5.0)
    cucumber-expressions (6.0.1)
    cucumber-tag_expressions (1.1.1)
    cucumber-wire (0.0.1)
    diff-lcs (1.3)
    docker-api (1.34.2)
      excon (>= 0.47.0)
      multi_json
    excon (0.65.0)
    gherkin (5.1.0)
    json (2.3.1)
    macaddr (1.7.2)
      systemu (~> 2.6.5)
    multi_json (1.13.1)
    multi_test (0.1.2)
    parallel (1.17.0)
    parallel_tests (2.29.1)
      parallel
    rake (12.3.3)
    require_all (2.0.0)
    rspec (3.8.0)
      rspec-core (~> 3.8.0)
      rspec-expectations (~> 3.8.0)
      rspec-mocks (~> 3.8.0)
    rspec-core (3.8.2)
      rspec-support (~> 3.8.0)
    rspec-expectations (3.8.4)
      diff-lcs (>= 1.2.0, < 2.0)
      rspec-support (~> 3.8.0)
    rspec-mocks (3.8.1)
      diff-lcs (>= 1.2.0, < 2.0)
      rspec-support (~> 3.8.0)
    rspec-support (3.8.2)
    rubyzip (1.2.3)
    selenium-webdriver (3.142.3)
      childprocess (>= 0.5, < 2.0)
      rubyzip (~> 1.2, >= 1.2.2)
    systemu (2.6.5)
    uuid (2.3.9)
      macaddr (~> 1.0)

PLATFORMS
  ruby

DEPENDENCIES
  allure-cucumber (= 2.10.0.beta3)
  cucumber
  docker-api
  parallel_tests
  rspec
  selenium-webdriver

BUNDLED WITH
   2.0.2
